GEM
  remote: https://rubygems.org/
  specs:
    power_assert (0.3.0)
    test-unit (3.2.1)
      power_assert

PLATFORMS
  ruby

DEPENDENCIES
  test-unit (~> 3.2)

BUNDLED WITH
   1.12.5
